PATH
  remote: .
  specs:
    dtext_rb (1.12.0)

GEM
  remote: https://rubygems.org/
  specs:
    minitest (5.26.0)
    rake (13.3.0)
    rake-compiler (1.3.0)
      rake

PLATFORMS
  ruby

DEPENDENCIES
  dtext_rb!
  minitest (~> 5.10)
  rake-compiler (~> 1.0)

BUNDLED WITH
   2.4.1
