PATH
  remote: .
  specs:
    dtext_rb (1.11.1)

GEM
  remote: https://rubygems.org/
  specs:
    minitest (5.18.0)
    rake (13.0.6)
    rake-compiler (1.2.1)
      rake

PLATFORMS
  ruby

DEPENDENCIES
  dtext_rb!
  minitest (~> 5.10)
  rake-compiler (~> 1.0)

BUNDLED WITH
   2.4.1
